NUGET
  remote: https://nuget.org/api/v2
  specs:
    Aether (6.0)
    Chiron (4.0.0)
      Aether (>= 6.0.0)
      FParsec (>= 1.0.1)
      FSharp.Core (>= 3.1.2.1)
    FParsec (1.0.1)
    FsCheck (1.0.4) - framework: >= net45
    FSharp.Core (3.1.2.1) - framework: >= net45
    Fuchu (0.6.0.0) - framework: >= net40
    Fuchu.FsCheck (0.6.0.0) - framework: >= net45
      FSharp.Core (>= 3.1.2.1)
      FsCheck (>= 1.0.4)
      Fuchu (>= 0.6.0.0)
    Http.fs-prerelease (2.1.4) - framework: >= net45
      FSharp.Core (>= 3.1.2.1)
