FRAMEWORK: NET45
NUGET
  remote: https://www.nuget.org/api/v2
  specs:
    Aether (8.1.2)
    FParsec (1.0.2)
    FSharp.Core (3.1.2.5)
    FsCheck (2.4)
      FSharp.Core (>= 3.1.2.5)
    Fuchu (1.0.3)
      FSharp.Core (>= 3.1.2.1)
    Fuchu.FsCheck (1.0.3)
      FSharp.Core (>= 3.1.2.5)
      FsCheck (>= 2.2.4)
      Fuchu (>= 1.0.3)
    Hopac (0.1.3)
      FSharp.Core (>= 3.1.2.5)
    Hopac.Extras (0.1.33)
      Hopac (>= 0.1.3)
    Http.fs-prerelease (3.0.4)
      FSharp.Core (>= 3.1.2.5)
      Hopac (>= 0.1.3)
    Chiron (6.2)
      Aether (>= 8.0.2 < 9.0)
      FParsec (>= 1.0 < 2.0)
    NodaTime (1.3.2)
    NuGet.CommandLine (3.4.3)
GITHUB
  remote: haf/YoLo
  specs:
    YoLo.fs (10b225acf83c93e2e8bbd730cbeec8a42d1347d0)